GEM
  remote: https://rubygems.org/
  specs:
    addressable (2.4.0)
    builder (3.2.2)
    descendants_tracker (0.0.4)
      thread_safe (~> 0.3, >= 0.3.1)
    faraday (0.9.2)
      multipart-post (>= 1.2, < 3)
    git (1.3.0)
    github_api (0.14.5)
      addressable (~> 2.4.0)
      descendants_tracker (~> 0.0.4)
      faraday (~> 0.8, < 0.10)
      hashie (>= 3.4)
      oauth2 (~> 1.0)
    hashie (3.4.4)
    highline (1.7.8)
    jeweler (2.1.1)
      builder
      bundler (>= 1.0)
      git (>= 1.2.5)
      github_api
      highline (>= 1.6.15)
      nokogiri (>= 1.5.10)
      rake
      rdoc
      semver
    json (1.8.6)
    json (1.8.6-java)
    jwt (1.5.4)
    metaclass (0.0.4)
    mini_portile2 (2.1.0)
    mocha (1.1.0)
      metaclass (~> 0.0.1)
    multi_json (1.12.1)
    multi_xml (0.5.5)
    multipart-post (2.0.0)
    nokogiri (1.6.8)
      mini_portile2 (~> 2.1.0)
      pkg-config (~> 1.1.7)
    nokogiri (1.6.8-java)
    oauth2 (1.2.0)
      faraday (>= 0.8, < 0.10)
      jwt (~> 1.0)
      multi_json (~> 1.3)
      multi_xml (~> 0.5)
      rack (>= 1.2, < 3)
    pkg-config (1.1.7)
    power_assert (0.3.0)
    rack (1.6.4)
    rake (11.2.2)
    rdoc (4.2.2)
      json (~> 1.4)
    semver (1.0.1)
    shoulda (2.11.3)
    test-unit (3.2.1)
      power_assert
    thread_safe (0.3.5)
    thread_safe (0.3.5-java)

PLATFORMS
  java
  ruby

DEPENDENCIES
  jeweler (~> 2.1.1)
  mocha (~> 1.1.0)
  rack (< 2.0)
  shoulda (~> 2.11.3)
  test-unit (~> 3.2.0)
